PATH
  remote: .
  specs:
    bitly-shortener (0.0.1)

GEM
  remote: https://rubygems.org/
  specs:

PLATFORMS
  ruby

DEPENDENCIES
  bitly-shortener!

BUNDLED WITH
   2.1.4
